PATH
  remote: .
  specs:
    tsprlng-jello (1.0.0wip)
      faraday

GEM
  remote: https://rubygems.org/
  specs:
    faraday (0.9.2)
      multipart-post (>= 1.2, < 3)
    multipart-post (2.0.0)

PLATFORMS
  ruby

DEPENDENCIES
  tsprlng-jello!

BUNDLED WITH
   1.11.2
